GIT
  remote: git://github.com/mongoid/mongoid.git
  revision: 164755a9d038e00faaffc054894c3390d17b1345
  specs:
    mongoid (4.0.0.beta1)
      activemodel (>= 4.0.0)
      moped (~> 2.0.beta6)
      origin (~> 2.1)
      tzinfo (>= 0.3.37)

GEM
  remote: http://ruby.taobao.org/
  specs:
    actionmailer (4.0.4)
      actionpack (= 4.0.4)
      mail (~> 2.5.4)
    actionpack (4.0.4)
      activesupport (= 4.0.4)
      builder (~> 3.1.0)
      erubis (~> 2.7.0)
      rack (~> 1.5.2)
      rack-test (~> 0.6.2)
    activemodel (4.0.4)
      activesupport (= 4.0.4)
      builder (~> 3.1.0)
    activerecord (4.0.4)
      activemodel (= 4.0.4)
      activerecord-deprecated_finders (~> 1.0.2)
      activesupport (= 4.0.4)
      arel (~> 4.0.0)
    activerecord-deprecated_finders (1.0.3)
    activesupport (4.0.4)
      i18n (~> 0.6, >= 0.6.9)
      minitest (~> 4.2)
      multi_json (~> 1.3)
      thread_safe (~> 0.1)
      tzinfo (~> 0.3.37)
    addressable (2.3.5)
    arel (4.0.2)
    atomic (1.1.15)
    bcrypt-ruby (3.1.2)
    bootstrap-sass (3.1.1.0)
      sass (~> 3.2)
    bson (2.2.1)
    builder (3.1.4)
    cancan (1.6.10)
    capybara (2.2.0)
      mime-types (>= 1.16)
      nokogiri (>= 1.3.3)
      rack (>= 1.0.0)
      rack-test (>= 0.5.4)
      xpath (~> 2.0)
    carrierwave (0.9.0)
      activemodel (>= 3.2.0)
      activesupport (>= 3.2.0)
      json (>= 1.7)
    carrierwave-mongoid (0.1.0)
      carrierwave
      mongoid
    cells (3.8.8)
      actionpack (>= 3.0)
      railties (>= 3.0)
    chinese_pinyin (0.6.1)
    coffee-rails (4.0.1)
      coffee-script (>= 2.2.0)
      railties (>= 4.0.0, < 5.0)
    coffee-script (2.2.0)
      coffee-script-source
      execjs
    coffee-script-source (1.6.3)
    connection_pool (1.2.0)
    cucumber (1.3.10)
      builder (>= 2.1.2)
      diff-lcs (>= 1.1.3)
      gherkin (~> 2.12)
      multi_json (>= 1.7.5, < 2.0)
      multi_test (>= 0.0.2)
    cucumber-rails (1.4.0)
      capybara (>= 1.1.2)
      cucumber (>= 1.2.0)
      nokogiri (>= 1.5.0)
      rails (>= 3.0.0)
    database_cleaner (1.2.0)
    devise (3.0.1)
      bcrypt-ruby (~> 3.0)
      orm_adapter (~> 0.1)
      railties (>= 3.2.6, < 5)
      warden (~> 1.2.3)
    devise-encryptable (0.1.2)
      devise (>= 2.1.0)
    diff-lcs (1.2.5)
    email_spec (1.5.0)
      launchy (~> 2.1)
      mail (~> 2.2)
    erubis (2.7.0)
    execjs (2.0.2)
    factory_girl (4.3.0)
      activesupport (>= 3.0.0)
    factory_girl_rails (4.3.0)
      factory_girl (~> 4.3.0)
      railties (>= 3.0.0)
    gherkin (2.12.2)
      multi_json (~> 1.3)
    hike (1.2.3)
    i18n (0.6.9)
    jquery-rails (3.0.4)
      railties (>= 3.0, < 5.0)
      thor (>= 0.14, < 2.0)
    json (1.8.1)
    kaminari (0.14.1)
      actionpack (>= 3.0.0)
      activesupport (>= 3.0.0)
    launchy (2.4.2)
      addressable (~> 2.3)
    mail (2.5.4)
      mime-types (~> 1.16)
      treetop (~> 1.4.8)
    mime-types (1.25.1)
    mini_magick (3.4)
      subexec (~> 0.2.1)
    mini_portile (0.5.2)
    minitest (4.7.5)
    moped (2.0.0.beta6)
      bson (~> 2.2)
      connection_pool (~> 1.2)
      optionable (~> 0.2.0)
    multi_json (1.9.0)
    multi_test (0.0.2)
    nokogiri (1.6.0)
      mini_portile (~> 0.5.0)
    optionable (0.2.0)
    origin (2.1.0)
    orm_adapter (0.5.0)
    polyglot (0.3.4)
    rack (1.5.2)
    rack-test (0.6.2)
      rack (>= 1.0)
    rails (4.0.4)
      actionmailer (= 4.0.4)
      actionpack (= 4.0.4)
      activerecord (= 4.0.4)
      activesupport (= 4.0.4)
      bundler (>= 1.3.0, < 2.0)
      railties (= 4.0.4)
      sprockets-rails (~> 2.0.0)
    rails-i18n (0.1.8)
      i18n (~> 0.5)
    railties (4.0.4)
      actionpack (= 4.0.4)
      activesupport (= 4.0.4)
      rake (>= 0.8.7)
      thor (>= 0.18.1, < 2.0)
    rake (10.1.1)
    rspec-core (2.14.7)
    rspec-expectations (2.14.4)
      diff-lcs (>= 1.1.3, < 2.0)
    rspec-mocks (2.14.4)
    rspec-rails (2.14.0)
      actionpack (>= 3.0)
      activesupport (>= 3.0)
      railties (>= 3.0)
      rspec-core (~> 2.14.0)
      rspec-expectations (~> 2.14.0)
      rspec-mocks (~> 2.14.0)
    sass (3.2.12)
    sass-rails (4.0.1)
      railties (>= 4.0.0, < 5.0)
      sass (>= 3.1.10)
      sprockets-rails (~> 2.0.0)
    settingslogic (2.0.9)
    sprockets (2.12.0)
      hike (~> 1.2)
      multi_json (~> 1.0)
      rack (~> 1.0)
      tilt (~> 1.1, != 1.3.0)
    sprockets-rails (2.0.1)
      actionpack (>= 3.0)
      activesupport (>= 3.0)
      sprockets (~> 2.8)
    subexec (0.2.3)
    thor (0.18.1)
    thread_safe (0.2.0)
      atomic (>= 1.1.7, < 2)
    tilt (1.4.1)
    treetop (1.4.15)
      polyglot
      polyglot (>= 0.3.1)
    tzinfo (0.3.39)
    uglifier (2.3.2)
      execjs (>= 0.3.0)
      json (>= 1.8.0)
    warden (1.2.3)
      rack (>= 1.0)
    xpath (2.0.0)
      nokogiri (~> 1.3)

PLATFORMS
  ruby

DEPENDENCIES
  bootstrap-sass (~> 3.1.1)
  cancan (= 1.6.10)
  capybara (>= 1.1.2)
  carrierwave
  carrierwave-mongoid
  cells (~> 3.8.8)
  chinese_pinyin
  coffee-rails (~> 4.0.0)
  cucumber-rails (>= 1.3.0)
  database_cleaner (>= 0.8.0)
  devise (= 3.0.1)
  devise-encryptable (= 0.1.2)
  email_spec (>= 1.2.1)
  factory_girl_rails (>= 4.0.0)
  jquery-rails (= 3.0.4)
  kaminari (= 0.14.1)
  launchy (>= 2.1.2)
  mini_magick (= 3.4)
  mongoid (= 4.0.0.beta1)!
  rails (= 4.0.4)
  rails-i18n (= 0.1.8)
  rspec-rails (>= 2.11.0)
  sass-rails (~> 4.0.0)
  settingslogic (~> 2.0.6)
  uglifier (>= 1.3.0)
